GEM
  remote: https://rubygems.org/
  specs:
    dotenv (2.2.1)

PLATFORMS
  ruby

DEPENDENCIES
  dotenv

BUNDLED WITH
   1.13.6
